GEM
  remote: http://rubygems.org/
  specs:
    activemodel (3.0.1)
      activesupport (= 3.0.1)
      builder (~> 2.1.2)
      i18n (~> 0.4.1)
    activerecord (3.0.1)
      activemodel (= 3.0.1)
      activesupport (= 3.0.1)
      arel (~> 1.0.0)
      tzinfo (~> 0.3.23)
    activesupport (3.0.1)
    addressable (2.2.2)
    arel (1.0.1)
      activesupport (~> 3.0.0)
    builder (2.1.2)
    faraday (0.5.3)
      addressable (~> 2.2.2)
      multipart-post (~> 1.0.1)
      rack (>= 1.1.0, < 2)
    haml (3.0.23)
    i18n (0.4.2)
    memcache-client (1.8.5)
    multi_json (0.0.5)
    multipart-post (1.0.1)
    mustache (0.11.2)
    mysql (2.8.1)
    oauth2 (0.1.0)
      faraday (~> 0.5.0)
      multi_json (~> 0.0.4)
    rack (1.2.1)
    rack-test (0.6.0)
      rack (>= 1.0)
    running_man (0.2.1)
    sinatra (1.1.0)
      rack (~> 1.1)
      tilt (~> 1.1)
    tilt (1.1)
    typhoeus (0.1.31)
      rack
    tzinfo (0.3.23)
    yajl-ruby (0.7.8)

PLATFORMS
  ruby

DEPENDENCIES
  activerecord (~> 3.0.1)
  faraday (~> 0.5.3)
  haml (~> 3.0.23)
  memcache-client (~> 1.8.5)
  mustache (~> 0.11.2)
  mysql (~> 2.8.1)
  oauth2 (~> 0.1.0)
  rack-test (~> 0.6.0)
  running_man (~> 0.2.1)
  sinatra (~> 1.1.0)
  typhoeus (~> 0.1.31)
  yajl-ruby (~> 0.7.8)
